GIT
  remote: https://github.com/minimagick/minimagick.git
  revision: 259105c42790910939a570ffd6a66d56a0ff7b11
  specs:
    mini_magick (4.9.5)

PATH
  remote: .
  specs:
    kinoscan (0.1.0)
      cloudinary
      mini_magick
      rubyzip (= 2.0.0)

GEM
  remote: https://rubygems.org/
  specs:
    aws_cf_signer (0.1.3)
    cloudinary (1.12.0)
      aws_cf_signer
      rest-client
    coderay (1.1.2)
    diff-lcs (1.3)
    domain_name (0.5.20190701)
      unf (>= 0.0.5, < 1.0.0)
    http-accept (1.7.0)
    http-cookie (1.0.3)
      domain_name (~> 0.5)
    method_source (0.9.2)
    mime-types (3.3)
      mime-types-data (~> 3.2015)
    mime-types-data (3.2019.1009)
    netrc (0.11.0)
    pry (0.12.2)
      coderay (~> 1.1.0)
      method_source (~> 0.9.0)
    rake (10.5.0)
    rest-client (2.1.0)
      http-accept (>= 1.7.0, < 2.0)
      http-cookie (>= 1.0.2, < 2.0)
      mime-types (>= 1.16, < 4.0)
      netrc (~> 0.8)
    rspec (3.9.0)
      rspec-core (~> 3.9.0)
      rspec-expectations (~> 3.9.0)
      rspec-mocks (~> 3.9.0)
    rspec-core (3.9.0)
      rspec-support (~> 3.9.0)
    rspec-expectations (3.9.0)
      diff-lcs (>= 1.2.0, < 2.0)
      rspec-support (~> 3.9.0)
    rspec-mocks (3.9.0)
      diff-lcs (>= 1.2.0, < 2.0)
      rspec-support (~> 3.9.0)
    rspec-support (3.9.0)
    rubyzip (2.0.0)
    unf (0.1.4)
      unf_ext
    unf_ext (0.0.7.6)

PLATFORMS
  ruby

DEPENDENCIES
  bundler (~> 1.17)
  kinoscan!
  mini_magick!
  pry
  rake (~> 10.0)
  rspec (~> 3.0)

BUNDLED WITH
   1.17.1
