PATH
  remote: .
  specs:
    kinoscan (0.1.0)
      mini_magick (~> 4.9)

GEM
  remote: https://rubygems.org/
  specs:
    coderay (1.1.2)
    diff-lcs (1.3)
    method_source (0.9.2)
    mini_magick (4.9.5)
    pry (0.12.2)
      coderay (~> 1.1.0)
      method_source (~> 0.9.0)
    rake (10.5.0)
    rspec (3.8.0)
      rspec-core (~> 3.8.0)
      rspec-expectations (~> 3.8.0)
      rspec-mocks (~> 3.8.0)
    rspec-core (3.8.2)
      rspec-support (~> 3.8.0)
    rspec-expectations (3.8.4)
      diff-lcs (>= 1.2.0, < 2.0)
      rspec-support (~> 3.8.0)
    rspec-mocks (3.8.1)
      diff-lcs (>= 1.2.0, < 2.0)
      rspec-support (~> 3.8.0)
    rspec-support (3.8.2)

PLATFORMS
  ruby

DEPENDENCIES
  bundler (~> 1.17)
  kinoscan!
  pry
  rake (~> 10.0)
  rspec (~> 3.0)

BUNDLED WITH
   1.17.1
